GEM
  remote: https://rubygems.org/
  specs:
    glu (8.2.2)
    glut (8.2.2)
    gosu (0.11.0)
    opengl (0.9.2)

PLATFORMS
  ruby

DEPENDENCIES
  glu
  glut
  gosu
  opengl

BUNDLED WITH
   1.13.0
